GEM
  remote: https://rubygems.org/
  specs:
    rack (1.6.10)
    rack-protection (1.5.5)
      rack
    sinatra (1.4.8)
      rack (~> 1.5)
      rack-protection (~> 1.4)
      tilt (>= 1.3, < 3)
    sinatra-base (1.0)
      rack (>= 1.0)
    slim (4.0.1)
      temple (>= 0.7.6, < 0.9)
      tilt (>= 2.0.6, < 2.1)
    temple (0.8.0)
    tilt (2.0.8)

PLATFORMS
  ruby

DEPENDENCIES
  rack (~> 1.0)
  sinatra
  sinatra-base
  slim

RUBY VERSION
   ruby 2.5.1p57

BUNDLED WITH
   1.16.2
