GEM
  remote: https://rubygems.org/
  specs:
    rack (2.0.5)
    sinatra-base (1.0)
      rack (>= 1.0)
    slim (4.0.1)
      temple (>= 0.7.6, < 0.9)
      tilt (>= 2.0.6, < 2.1)
    temple (0.8.0)
    tilt (2.0.8)

PLATFORMS
  ruby

DEPENDENCIES
  sinatra-base
  slim

RUBY VERSION
   ruby 2.5.1p57

BUNDLED WITH
   1.17.1
